GEM
  remote: http://rubygems.org/
  specs:
    domain_name (0.5.20170404)
      unf (>= 0.0.5, < 1.0.0)
    http-cookie (1.0.3)
      domain_name (~> 0.5)
    json (1.8.6)
    logger (1.2.8)
    logger-colors (1.0.0)
    mime-types (3.1)
      mime-types-data (~> 3.2015)
    mime-types-data (3.2016.0521)
    minitest (5.10.3)
    netrc (0.11.0)
    rake (12.3.0)
    rdoc (3.12.2)
      json (~> 1.4)
    rest-client (2.0.2)
      http-cookie (>= 1.0.2, < 2.0)
      mime-types (>= 1.16, < 4.0)
      netrc (~> 0.8)
    terminal-table (1.8.0)
      unicode-display_width (~> 1.1, >= 1.1.1)
    unf (0.1.4)
      unf_ext
    unf_ext (0.0.7.4)
    unicode-display_width (1.3.0)

PLATFORMS
  ruby

DEPENDENCIES
  bundler (~> 1.0)
  logger
  logger-colors
  minitest
  rake
  rdoc (~> 3.12)
  rest-client
  terminal-table

BUNDLED WITH
   1.15.4
